GEM
  remote: https://rubygems.org/
  specs:
    addressable (2.8.7)
      public_suffix (>= 2.0.2, < 7.0)
    base64 (0.2.0)
    colorize (1.1.0)
    faraday (2.8.1)
      base64
      faraday-net_http (>= 2.0, < 3.1)
      ruby2_keywords (>= 0.0.4)
    faraday-net_http (3.0.2)
    mini_portile2 (2.8.7)
    nokogiri (1.15.6)
      mini_portile2 (~> 2.8.2)
      racc (~> 1.4)
    octokit (9.1.0)
      faraday (>= 1, < 3)
      sawyer (~> 0.9)
    public_suffix (5.1.1)
    racc (1.8.1)
    ruby2_keywords (0.0.5)
    sawyer (0.9.2)
      addressable (>= 2.3.5)
      faraday (>= 0.17.3, < 3)
    subprocess (1.5.6)

PLATFORMS
  ruby

DEPENDENCIES
  colorize
  nokogiri
  octokit
  subprocess

BUNDLED WITH
   2.1.2
